GEM
  remote: https://rubygems.org/
  specs:
    dotenv (2.7.1)
    httparty (0.21.0)
      mini_mime (>= 1.0.0)
      multi_xml (>= 0.5.2)
    mini_mime (1.1.2)
    multi_xml (0.6.0)

PLATFORMS
  ruby

DEPENDENCIES
  dotenv
  httparty

RUBY VERSION
   ruby 2.6.1p33

BUNDLED WITH
   1.17.2
